##TITLE= Parameter file, TopSpin 4.1.0
##JCAMPDX= 5.0
##DATATYPE= Parameter Values
##NPOINTS= 2	$$ modification sequence number
##ORIGIN= Bruker BioSpin GmbH
##OWNER= nmrsu
$$ 2021-07-20 14:40:03.838 +0200  nmrsu@4CE0192DK9
$$ C:/Bruker/TopSpin4.1.0/data/TE_20210720/3/scon2
$$ process C:\Bruker\TopSpin4.1.0\prog\mod\acqdataserver.exe
##$BLKTR= (0..32)
3 3 3 3 3 3 3 3 3 3 3 3 3 3 3 3 3 3 3 3 3 3 3 3 3 3 3 3 3 3 3 3 3
##$DE1= 4.5
##$DEADC= 0.5
##$DEPA= 4.5
##$DERX= 1.5
##$GRADPRE= (0..1)
10 10
##$HD_BLKTR= (0..32)
1 1 1 1 1 1 1 1 1 1 1 1 1 1 1 1 1 1 1 1 1 1 1 1 1 1 1 1 1 1 1 1 1
##$HD_DE1= 5
##$HD_DEADC= 0
##$HD_DEPA= 2.5
##$HD_DERX= 0
##END=
